GIT
  remote: https://github.com/sosedoff/capistrano-unicorn.git
  revision: 3dc0459a9092aa2802286063e703ef807a83a057
  branch: master
  specs:
    capistrano-unicorn (0.2.0)
      capistrano

GEM
  remote: https://rubygems.org/
  specs:
    actionmailer (3.2.13)
      actionpack (= 3.2.13)
      mail (~> 2.5.3)
    actionpack (3.2.13)
      activemodel (= 3.2.13)
      activesupport (= 3.2.13)
      builder (~> 3.0.0)
      erubis (~> 2.7.0)
      journey (~> 1.0.4)
      rack (~> 1.4.5)
      rack-cache (~> 1.2)
      rack-test (~> 0.6.1)
      sprockets (~> 2.2.1)
    activemodel (3.2.13)
      activesupport (= 3.2.13)
      builder (~> 3.0.0)
    activerecord (3.2.13)
      activemodel (= 3.2.13)
      activesupport (= 3.2.13)
      arel (~> 3.0.2)
      tzinfo (~> 0.3.29)
    activerecord-postgresql-adapter (0.0.1)
      pg
    activerecord-reputation-system (2.0.2)
    activeresource (3.2.13)
      activemodel (= 3.2.13)
      activesupport (= 3.2.13)
    activesupport (3.2.13)
      i18n (= 0.6.1)
      multi_json (~> 1.0)
    arel (3.0.2)
    atomic (1.1.14)
    bcrypt-ruby (3.1.2)
    bcrypt-ruby (3.1.2-x86-mingw32)
    bootstrap-sass (2.3.2.0)
      sass (~> 3.2)
    builder (3.0.4)
    cancan (1.6.10)
    capistrano (2.15.5)
      highline
      net-scp (>= 1.0.0)
      net-sftp (>= 2.0.0)
      net-ssh (>= 2.0.14)
      net-ssh-gateway (>= 1.1.0)
    carrierwave (0.9.0)
      activemodel (>= 3.2.0)
      activesupport (>= 3.2.0)
      json (>= 1.7)
    coffee-rails (3.2.2)
      coffee-script (>= 2.2.0)
      railties (~> 3.2.0)
    coffee-script (2.2.0)
      coffee-script-source
      execjs
    coffee-script-source (1.6.3)
    devise (3.1.0)
      bcrypt-ruby (~> 3.0)
      orm_adapter (~> 0.1)
      railties (>= 3.2.6, < 5)
      thread_safe (~> 0.1)
      warden (~> 1.2.3)
    diff-lcs (1.1.3)
    erubis (2.7.0)
    execjs (2.0.1)
    faraday (0.8.8)
      multipart-post (~> 1.2.0)
    font-awesome-rails (3.2.1.1)
      railties (>= 3.2, < 5.0)
    hashie (2.0.5)
    highline (1.6.19)
    hike (1.2.3)
    httparty (0.11.0)
      multi_json (~> 1.0)
      multi_xml (>= 0.5.2)
    httpauth (0.2.0)
    i18n (0.6.1)
    imgkit (1.3.9)
    journey (1.0.4)
    jquery-rails (3.0.4)
      railties (>= 3.0, < 5.0)
      thor (>= 0.14, < 2.0)
    jquery-ui-rails (4.0.5)
      railties (>= 3.1.0)
    json (1.8.0)
    jwt (0.1.8)
      multi_json (>= 1.5)
    kgio (2.8.1)
    mail (2.5.4)
      mime-types (~> 1.16)
      treetop (~> 1.4.8)
    mime-types (1.25)
    mini_portile (0.5.1)
    multi_json (1.8.0)
    multi_xml (0.5.5)
    multipart-post (1.2.0)
    net-scp (1.1.2)
      net-ssh (>= 2.6.5)
    net-sftp (2.1.2)
      net-ssh (>= 2.6.5)
    net-ssh (2.7.0)
    net-ssh-gateway (1.2.0)
      net-ssh (>= 2.6.5)
    nokogiri (1.6.0)
      mini_portile (~> 0.5.0)
    nokogiri (1.6.0-x86-mingw32)
      mini_portile (~> 0.5.0)
    oauth (0.4.7)
    oauth2 (0.8.1)
      faraday (~> 0.8)
      httpauth (~> 0.1)
      jwt (~> 0.1.4)
      multi_json (~> 1.0)
      rack (~> 1.2)
    omniauth (1.1.4)
      hashie (>= 1.2, < 3)
      rack
    omniauth-oauth (1.0.1)
      oauth
      omniauth (~> 1.0)
    omniauth-oauth2 (1.1.1)
      oauth2 (~> 0.8.0)
      omniauth (~> 1.0)
    omniauth-twitter (1.0.0)
      multi_json (~> 1.3)
      omniauth-oauth (~> 1.0)
    omniauth-weibo-oauth2 (0.3.0)
      omniauth (~> 1.0)
      omniauth-oauth2 (~> 1.0)
    orm_adapter (0.4.0)
    pdfkit (0.5.4)
    pg (0.17.0)
    pg (0.17.0-x86-mingw32)
    polyglot (0.3.3)
    postgres-pr (0.6.3)
    rack (1.4.5)
    rack-cache (1.2)
      rack (>= 0.4)
    rack-ssl (1.3.3)
      rack
    rack-test (0.6.2)
      rack (>= 1.0)
    rails (3.2.13)
      actionmailer (= 3.2.13)
      actionpack (= 3.2.13)
      activerecord (= 3.2.13)
      activeresource (= 3.2.13)
      activesupport (= 3.2.13)
      bundler (~> 1.0)
      railties (= 3.2.13)
    railties (3.2.13)
      actionpack (= 3.2.13)
      activesupport (= 3.2.13)
      rack-ssl (~> 1.3.2)
      rake (>= 0.8.7)
      rdoc (~> 3.4)
      thor (>= 0.14.6, < 2.0)
    raindrops (0.12.0)
    rake (10.1.0)
    rdoc (3.12.2)
      json (~> 1.4)
    rspec (2.11.0)
      rspec-core (~> 2.11.0)
      rspec-expectations (~> 2.11.0)
      rspec-mocks (~> 2.11.0)
    rspec-core (2.11.1)
    rspec-expectations (2.11.3)
      diff-lcs (~> 1.1.3)
    rspec-mocks (2.11.3)
    rspec-rails (2.11.0)
      actionpack (>= 3.0)
      activesupport (>= 3.0)
      railties (>= 3.0)
      rspec (~> 2.11.0)
    sass (3.2.10)
    sass-rails (3.2.6)
      railties (~> 3.2.0)
      sass (>= 3.1.10)
      tilt (~> 1.3)
    simple_form (2.1.0)
      actionpack (~> 3.0)
      activemodel (~> 3.0)
    sprockets (2.2.2)
      hike (~> 1.2)
      multi_json (~> 1.0)
      rack (~> 1.0)
      tilt (~> 1.1, != 1.3.0)
    sqlite3 (1.3.8)
    sqlite3 (1.3.8-x86-mingw32)
    thor (0.18.1)
    thread_safe (0.1.3)
      atomic
    tilt (1.4.1)
    treetop (1.4.15)
      polyglot
      polyglot (>= 0.3.1)
    tzinfo (0.3.37)
    uglifier (2.2.1)
      execjs (>= 0.3.0)
      multi_json (~> 1.0, >= 1.0.2)
    unicorn (4.6.3)
      kgio (~> 2.6)
      rack
      raindrops (~> 0.7)
    warden (1.2.3)
      rack (>= 1.0)
    will_paginate (3.0.5)
    will_paginate-bootstrap (0.2.5)
      will_paginate (>= 3.0.3)

PLATFORMS
  ruby
  x86-mingw32

DEPENDENCIES
  activerecord-postgresql-adapter
  activerecord-reputation-system
  bootstrap-sass (= 2.3.2)
  cancan
  capistrano
  capistrano-unicorn!
  carrierwave
  coffee-rails (~> 3.2.1)
  devise
  font-awesome-rails (= 3.2.1.1)
  httparty
  imgkit
  jquery-rails
  jquery-ui-rails
  nokogiri
  omniauth-twitter
  omniauth-weibo-oauth2
  pdfkit
  postgres-pr
  rails (= 3.2.13)
  rspec-rails (= 2.11.0)
  sass-rails (~> 3.2.3)
  simple_form
  sqlite3
  uglifier (>= 1.0.3)
  unicorn
  will_paginate (~> 3.0)
  will_paginate-bootstrap
